GEM
  remote: https://rubygems.org/
  specs:
    faraday (0.11.0)
      multipart-post (>= 1.2, < 3)
    json (2.0.3)
    jsonpath (0.5.8)
      multi_json
    multi_json (1.12.1)
    multipart-post (2.0.0)
    rack (2.0.1)

PLATFORMS
  ruby

DEPENDENCIES
  faraday
  json
  jsonpath
  rack

BUNDLED WITH
   1.12.5
